GIT
  remote: https://github.com/rodjek/rspec-puppet.git
  revision: 7659172a5f47c286c03ba6fa76a39cac1087c324
  specs:
    rspec-puppet (2.2.1.pre)
      rspec

GEM
  remote: https://rubygems.org/
  specs:
    CFPropertyList (2.2.8)
    coderay (1.1.0)
    colored (1.2)
    diff-lcs (1.2.5)
    docile (1.1.5)
    domain_name (0.5.25)
      unf (>= 0.0.5, < 1.0.0)
    facter (2.4.4)
      CFPropertyList (~> 2.2.6)
    ffi (1.9.10)
    formatador (0.2.5)
    guard (2.12.9)
      formatador (>= 0.2.4)
      listen (>= 2.7, <= 4.0)
      lumberjack (~> 1.0)
      nenv (~> 0.1)
      notiffany (~> 0.0)
      pry (>= 0.9.12)
      shellany (~> 0.0)
      thor (>= 0.18.1)
    guard-compat (1.2.1)
    guard-remote-sync (0.1.0)
      guard (~> 2.12.4)
      guard-compat (~> 1.0)
    hiera (1.3.4)
      json_pure
    hiera-puppet (1.0.0)
      hiera (~> 1.0)
    http-cookie (1.0.2)
      domain_name (~> 0.5)
    json (1.8.3)
    json_pure (1.8.3)
    listen (3.0.4)
      rb-fsevent (>= 0.9.3)
      rb-inotify (>= 0.9)
    little-plugger (1.1.4)
    logging (2.0.0)
      little-plugger (~> 1.1)
      multi_json (~> 1.10)
    lumberjack (1.0.9)
    metaclass (0.0.4)
    method_source (0.8.2)
    mime-types (1.25.1)
    mocha (1.1.0)
      metaclass (~> 0.0.1)
    multi_json (1.11.2)
    nenv (0.2.0)
    netrc (0.11.0)
    notiffany (0.0.8)
      nenv (~> 0.1)
      shellany (~> 0.0)
    parseconfig (1.0.6)
    pry (0.10.3)
      coderay (~> 1.1.0)
      method_source (~> 0.8.1)
      slop (~> 3.4)
    puppet (3.7.4)
      facter (> 1.6, < 3)
      hiera (~> 1.0)
      json_pure
    puppet-lint (1.1.0)
    puppet-syntax (2.0.0)
      rake
    puppetlabs_spec_helper (1.0.1)
      mocha
      puppet-lint
      puppet-syntax
      rake
      rspec-puppet
    rake (10.4.2)
    rb-fsevent (0.9.6)
    rb-inotify (0.9.5)
      ffi (>= 0.5.0)
    rest-client (1.8.0)
      http-cookie (>= 1.0.2, < 2.0)
      mime-types (>= 1.16, < 3.0)
      netrc (~> 0.7)
    right_api_client (1.6.1)
      json (~> 1.0)
      mime-types (~> 1.0)
      rest-client (~> 1.6)
    rspec (3.4.0)
      rspec-core (~> 3.4.0)
      rspec-expectations (~> 3.4.0)
      rspec-mocks (~> 3.4.0)
    rspec-core (3.4.0)
      rspec-support (~> 3.4.0)
    rspec-expectations (3.4.0)
      diff-lcs (>= 1.2.0, < 2.0)
      rspec-support (~> 3.4.0)
    rspec-hiera-puppet (1.0.0)
      hiera (>= 1.0)
      hiera-puppet (>= 1.0)
      puppet (>= 3.0)
      rspec
      rspec-puppet
    rspec-mocks (3.4.0)
      diff-lcs (>= 1.2.0, < 2.0)
      rspec-support (~> 3.4.0)
    rspec-support (3.4.0)
    shellany (0.0.1)
    simplecov (0.10.0)
      docile (~> 1.1.0)
      json (~> 1.8)
      simplecov-html (~> 0.10.0)
    simplecov-csv (0.1.3)
      simplecov
    simplecov-html (0.10.0)
    simplecov-summary (0.0.4)
      colored
      simplecov
    slop (3.6.0)
    thor (0.19.1)
    unf (0.1.4)
      unf_ext
    unf_ext (0.0.7.1)

PLATFORMS
  ruby

DEPENDENCIES
  facter
  guard-remote-sync
  logging
  mime-types (<= 1.25.1)
  parseconfig
  puppet (= 3.7.4)
  puppet-lint
  puppet-syntax
  puppetlabs_spec_helper
  rake
  right_api_client (>= 1.5.16)
  rspec-hiera-puppet
  rspec-mocks
  rspec-puppet!
  simplecov
  simplecov-csv
  simplecov-summary

BUNDLED WITH
   1.10.6
