GEM
  remote: https://rubygems.org/
  specs:
    CFPropertyList (2.2.7)
    diff-lcs (1.2.5)
    facter (2.0.1)
      CFPropertyList (~> 2.2.6)
    hiera (1.3.2)
      json_pure
    json (1.8.1)
    json_pure (1.8.1)
    metaclass (0.0.4)
    mime-types (1.25.1)
    mocha (1.0.0)
      metaclass (~> 0.0.1)
    puppet (3.5.1)
      facter (> 1.6, < 3)
      hiera (~> 1.0)
      json_pure
      rgen (~> 0.6.5)
    puppet-lint (0.3.2)
    puppetlabs_spec_helper (0.4.1)
      mocha (>= 0.10.5)
      rake
      rspec (>= 2.9.0)
      rspec-puppet (>= 0.1.1)
    rake (10.3.1)
    rest-client (1.6.7)
      mime-types (>= 1.16)
    rgen (0.6.6)
    right_api_client (1.5.16)
      json (~> 1.0)
      mime-types (~> 1.0)
      rest-client (~> 1.6)
    rspec (2.14.1)
      rspec-core (~> 2.14.0)
      rspec-expectations (~> 2.14.0)
      rspec-mocks (~> 2.14.0)
    rspec-core (2.14.8)
    rspec-expectations (2.14.5)
      diff-lcs (>= 1.1.3, < 2.0)
    rspec-mocks (2.14.6)
    rspec-puppet (1.0.1)
      rspec

PLATFORMS
  ruby

DEPENDENCIES
  facter
  mime-types (<= 1.25.1)
  puppet
  puppet-lint
  puppetlabs_spec_helper
  rake
  right_api_client
  rspec-puppet
